GIT
  remote: https://github.com/andyt/rspec-nginx.git
  revision: e2daae84ed18cf4b3af265f7b4d2bc1ac81bbf02
  specs:
    rspec-nginx (0.0.1)
      rspec (~> 2.0)

GEM
  remote: https://rubygems.org/
  specs:
    diff-lcs (1.2.5)
    rake (10.1.1)
    rspec (2.14.1)
      rspec-core (~> 2.14.0)
      rspec-expectations (~> 2.14.0)
      rspec-mocks (~> 2.14.0)
    rspec-core (2.14.7)
    rspec-expectations (2.14.5)
      diff-lcs (>= 1.1.3, < 2.0)
    rspec-mocks (2.14.6)

PLATFORMS
  ruby

DEPENDENCIES
  rake
  rspec-nginx!
